{
    "TaskName": "MovieMemory",
    "CapManufacturer": "BioSemi",
    "CapManufacturersModelName": "n/a",
    "Manufacturer": "Biosemi",
    "ManufacturersModelName": "ActiveTwo",
    "PowerLineFrequency": 50.0,
    "SamplingFrequency": 2048.0,
    "SoftwareFilters": "n/a",
    "RecordingDuration": 3506.11962890625,
    "RecordingType": "continuous",
    "EEGReference": "n/a",
    "EEGGround": "n/a",
    "EEGPlacementScheme": "based on the extended 10/20 system",
    "EEGChannelCount": 64,
    "EOGChannelCount": 0,
    "ECGChannelCount": 0,
    "EMGChannelCount": 0,
    "MiscChannelCount": 0,
    "TriggerChannelCount": 1,
    "InstitutionAddress": "Colchester, CO4 3SQ, United Kingdom",
    "InstitutionName": "University of Essex",
    "InstitutionalDepartmentName": "Brain-Computer Interfaces and Neural Engineering Laboratory, School of Computer Science and Electronic Engineering",
    "CogAtlasID": "n/a",
    "CogPOID": "n/a",
    "DeviceSerialNumber": "n/a",
    "EpochLength": 10,
    "HardwareFilters": "n/a",
    "HeadCircumference": 60,
    "Instructions": "n/a",
    "SoftwareVersions": "n/a",
    "SubjectArtefactDescription": "n/a",
    "TaskDescription": "n/a"
}